GEM
  remote: http://rubygems.org/
  specs:
    hub (1.10.4)

PLATFORMS
  ruby

DEPENDENCIES
  hub
